GIT
  remote: git://github.com/jodosha/redis-store
  revision: 9226b96affdd2e68a477d23bbe8d2f52a857ae6e
  ref: 9226b96aff
  specs:
    redis-rack (1.4.2)
      rack (~> 1.4)
      redis-store (~> 1.1.0)

GEM
  remote: https://rubygems.org/
  specs:
    activesupport (3.2.14)
      i18n (~> 0.6, >= 0.6.4)
      multi_json (~> 1.0)
    backports (3.3.3)
    bindata (1.5.0)
    diff-lcs (1.2.4)
    eventmachine (1.0.3)
    fakeredis (0.4.2)
      redis (~> 3.0.0)
    i18n (0.6.5)
    json-jwt (0.5.5)
      activesupport (< 4)
      bindata
      multi_json (>= 1.3)
      url_safe_base64
    kgio (2.8.0)
    mail (2.5.4)
      mime-types (~> 1.16)
      treetop (~> 1.4.8)
    mime-types (1.24)
    mini_portile (0.5.1)
    multi_json (1.7.9)
    nokogiri (1.6.0)
      mini_portile (~> 0.5.0)
    polyglot (0.3.3)
    rack (1.5.2)
    rack-flash3 (1.0.3)
      rack
      rack
    rack-protection (1.5.0)
      rack
    rack-test (0.6.2)
      rack (>= 1.0)
    raindrops (0.11.0)
    rdiscount (2.1.6)
    redis (3.0.4)
    redis-store (1.1.2)
      redis (>= 2.2.0)
    rspec (2.14.1)
      rspec-core (~> 2.14.0)
      rspec-expectations (~> 2.14.0)
      rspec-mocks (~> 2.14.0)
    rspec-core (2.14.5)
    rspec-expectations (2.14.2)
      diff-lcs (>= 1.1.3, < 2.0)
    rspec-mocks (2.14.3)
    sinatra (1.4.3)
      rack (~> 1.4)
      rack-protection (~> 1.4)
      tilt (~> 1.3, >= 1.3.4)
    sinatra-contrib (1.4.0)
      backports (>= 2.0)
      eventmachine
      rack-protection
      rack-test
      sinatra (~> 1.4.2)
      tilt (~> 1.3)
    tilt (1.4.1)
    treetop (1.4.14)
      polyglot
      polyglot (>= 0.3.1)
    unicorn (4.6.3)
      kgio (~> 2.6)
      rack
      raindrops (~> 0.7)
    url_safe_base64 (0.2.1)
    webrat (0.7.3)
      nokogiri (>= 1.2.0)
      rack (>= 1.0)
      rack-test (>= 0.5.3)

PLATFORMS
  ruby

DEPENDENCIES
  fakeredis (< 1)
  json-jwt (~> 0.5.5)
  mail (~> 2.5.4)
  rack-flash3 (~> 1.0.3)
  rdiscount (~> 2.1.6)
  redis (~> 3.0.4)
  redis-rack!
  rspec (< 3)
  sinatra (~> 1.4.3)
  sinatra-contrib (~> 1.4.0)
  unicorn
  webrat (< 1)
