GEM
  remote: https://rubygems.org/
  specs:
    activesupport (3.2.13)
      i18n (= 0.6.1)
      multi_json (~> 1.0)
    backports (3.3.3)
    bindata (1.5.0)
    diff-lcs (1.1.3)
    eventmachine (1.0.3)
    fakeredis (0.4.2)
      redis (~> 3.0.0)
    i18n (0.6.1)
    json-jwt (0.5.5)
      activesupport (< 4)
      bindata
      multi_json (>= 1.3)
      url_safe_base64
    kgio (2.8.0)
    mail (2.5.4)
      mime-types (~> 1.16)
      treetop (~> 1.4.8)
    mime-types (1.23)
    multi_json (1.7.7)
    nokogiri (1.5.5)
    polyglot (0.3.3)
    rack (1.5.2)
    rack-flash3 (1.0.3)
      rack
    rack-protection (1.5.0)
      rack
    rack-test (0.6.2)
      rack (>= 1.0)
    raindrops (0.11.0)
    redis (3.0.4)
    rspec (2.11.0)
      rspec-core (~> 2.11.0)
      rspec-expectations (~> 2.11.0)
      rspec-mocks (~> 2.11.0)
    rspec-core (2.11.1)
    rspec-expectations (2.11.3)
      diff-lcs (~> 1.1.3)
    rspec-mocks (2.11.2)
    sinatra (1.4.3)
      rack (~> 1.4)
      rack-protection (~> 1.4)
      tilt (~> 1.3, >= 1.3.4)
    sinatra-contrib (1.4.0)
      backports (>= 2.0)
      eventmachine
      rack-protection
      rack-test
      sinatra (~> 1.4.2)
      tilt (~> 1.3)
    tilt (1.4.1)
    treetop (1.4.14)
      polyglot
      polyglot (>= 0.3.1)
    unicorn (4.6.3)
      kgio (~> 2.6)
      rack
      raindrops (~> 0.7)
    url_safe_base64 (0.2.1)
    webrat (0.7.3)
      nokogiri (>= 1.2.0)
      rack (>= 1.0)
      rack-test (>= 0.5.3)

PLATFORMS
  ruby

DEPENDENCIES
  fakeredis
  json-jwt
  mail
  rack-flash3
  redis
  rspec
  sinatra
  sinatra-contrib
  unicorn
  webrat
